PATH
  remote: .
  specs:
    cache_digests (0.3.1)
      actionpack (>= 3.2)
      thread_safe

GEM
  remote: https://rubygems.org/
  specs:
    actionpack (4.0.12)
      activesupport (= 4.0.12)
      builder (~> 3.1.0)
      erubis (~> 2.7.0)
      rack (~> 1.5.2)
      rack-test (~> 0.6.2)
    activesupport (4.0.12)
      i18n (~> 0.6, >= 0.6.9)
      minitest (~> 4.2)
      multi_json (~> 1.3)
      thread_safe (~> 0.1)
      tzinfo (~> 0.3.37)
    builder (3.1.4)
    erubis (2.7.0)
    i18n (0.7.0)
    minitest (4.7.3)
    multi_json (1.10.1)
    rack (1.5.2)
    rack-test (0.6.2)
      rack (>= 1.0)
    rake (10.0.4)
    thread_safe (0.3.4)
    tzinfo (0.3.42)

PLATFORMS
  ruby

DEPENDENCIES
  cache_digests!
  minitest
  rake
